PATH
  remote: .
  specs:
    arachnid2 (0.3.9)
      addressable
      adomain
      bloomfilter-rb
      nokogiri (>= 1.10.4)
      typhoeus
      watir
      webdriver-user-agent (>= 7.6)
      webdrivers

GEM
  remote: https://rubygems.org/
  specs:
    addressable (2.7.0)
      public_suffix (>= 2.0.2, < 5.0)
    adomain (0.2.3)
      addressable (~> 2.5)
      logger
    bloomfilter-rb (2.1.1)
      redis
    childprocess (3.0.0)
    diff-lcs (1.3)
    ethon (0.12.0)
      ffi (>= 1.3.0)
    facets (3.1.0)
    ffi (1.12.2)
    json (2.3.0)
    logger (1.4.2)
    mini_portile2 (2.8.0)
    nokogiri (1.13.6)
      mini_portile2 (~> 2.8.0)
      racc (~> 1.4)
    os (1.0.1)
    psych (3.1.0)
    public_suffix (4.0.3)
    racc (1.6.0)
    rake (13.0.1)
    redis (4.1.3)
    regexp_parser (1.7.0)
    rspec (3.8.0)
      rspec-core (~> 3.8.0)
      rspec-expectations (~> 3.8.0)
      rspec-mocks (~> 3.8.0)
    rspec-core (3.8.0)
      rspec-support (~> 3.8.0)
    rspec-expectations (3.8.2)
      diff-lcs (>= 1.2.0, < 2.0)
      rspec-support (~> 3.8.0)
    rspec-mocks (3.8.0)
      diff-lcs (>= 1.2.0, < 2.0)
      rspec-support (~> 3.8.0)
    rspec-support (3.8.0)
    rubyzip (2.2.0)
    selenium-webdriver (3.142.7)
      childprocess (>= 0.5, < 4.0)
      rubyzip (>= 1.2.2)
    typhoeus (1.3.1)
      ethon (>= 0.9.0)
    watir (6.16.5)
      regexp_parser (~> 1.2)
      selenium-webdriver (~> 3.6)
    webdriver-user-agent (7.6)
      facets
      json
      os
      psych
      selenium-webdriver (>= 3.4.0)
    webdrivers (4.2.0)
      nokogiri (~> 1.6)
      rubyzip (>= 1.3.0)
      selenium-webdriver (>= 3.0, < 4.0)

PLATFORMS
  ruby

DEPENDENCIES
  arachnid2!
  bundler (~> 1.16)
  rake (>= 12.3.3)
  rspec (~> 3.0)

BUNDLED WITH
   1.17.3
